GEM
  remote: https://rubygems.org/
  specs:
    awesome_print (1.2.0)
    celluloid (0.15.2)
      timers (~> 1.1.0)
    celluloid-io (0.15.0)
      celluloid (>= 0.15.0)
      nio4r (>= 0.5.0)
    coderay (1.1.0)
    method_source (0.8.2)
    nio4r (1.0.0)
    pry (0.9.12.6)
      coderay (~> 1.0)
      method_source (~> 0.8)
      slop (~> 3.4)
    require_all (1.3.2)
    slop (3.5.0)
    timers (1.1.0)

PLATFORMS
  ruby

DEPENDENCIES
  awesome_print
  celluloid-io (~> 0.15.0)
  pry
  require_all
